GEM
  remote: https://rubygems.org/
  specs:
    addressable (2.3.4)
    backports (3.3.1)
    coderay (1.0.9)
    coffee-script (2.2.0)
      coffee-script-source
      execjs
    coffee-script-source (1.6.2)
    daemons (1.1.9)
    dashing (1.0.5)
      coffee-script (>= 1.6.2)
      rack
      rufus-scheduler
      sass
      sinatra
      sinatra-contrib
      sprockets
      thin
      thor
    dotenv (0.7.0)
    eventmachine (1.0.3)
    execjs (1.4.0)
      multi_json (~> 1.0)
    faraday (0.8.7)
      multipart-post (~> 1.1)
    faraday_middleware (0.9.0)
      faraday (>= 0.7.4, < 0.9)
    foreman (0.63.0)
      dotenv (>= 0.7)
      thor (>= 0.13.6)
    gh (0.11.2)
      addressable
      backports
      faraday (~> 0.8)
      multi_json (~> 1.0)
      net-http-persistent (>= 2.7)
      net-http-pipeline
    highline (1.6.19)
    hike (1.2.2)
    htmlentities (4.3.1)
    launchy (2.3.0)
      addressable (~> 2.3)
    method_source (0.8.1)
    multi_json (1.7.5)
    multipart-post (1.2.0)
    net-http-persistent (2.8)
    net-http-pipeline (1.0.1)
    netrc (0.7.7)
    nokogiri (1.5.9)
    pry (0.9.12.2)
      coderay (~> 1.0.5)
      method_source (~> 0.8)
      slop (~> 3.4)
    rack (1.5.2)
    rack-protection (1.5.0)
      rack
    rack-test (0.6.2)
      rack (>= 1.0)
    rufus-scheduler (2.0.19)
      tzinfo (>= 0.3.23)
    sass (3.2.9)
    sinatra (1.4.2)
      rack (~> 1.5, >= 1.5.2)
      rack-protection (~> 1.4)
      tilt (~> 1.3, >= 1.3.4)
    sinatra-contrib (1.4.0)
      backports (>= 2.0)
      eventmachine
      rack-protection
      rack-test
      sinatra (~> 1.4.2)
      tilt (~> 1.3)
    slop (3.4.5)
    sprockets (2.10.0)
      hike (~> 1.2)
      multi_json (~> 1.0)
      rack (~> 1.0)
      tilt (~> 1.1, != 1.3.0)
    thin (1.5.1)
      daemons (>= 1.0.9)
      eventmachine (>= 0.12.6)
      rack (>= 1.0.0)
    thor (0.18.1)
    tilt (1.4.1)
    travis (1.2.2)
      backports
      faraday (~> 0.8)
      faraday_middleware (~> 0.9)
      gh
      highline (~> 1.6)
      launchy (~> 2.1)
      net-http-persistent (~> 2.8)
      netrc (~> 0.7)
      pry (~> 0.9)
    tzinfo (1.0.0)
    xml-simple (1.1.2)

PLATFORMS
  ruby

DEPENDENCIES
  dashing
  foreman
  htmlentities
  nokogiri
  pry
  travis
  xml-simple
